GEM
remote: http://rubygems.org/
specs:
compass (1.0.3)
sass (3.4.22)

PLATFORMS
ruby

DEPENDENCIES
compass
sass
